GEM
  remote: https://rubygems.org/
  specs:
    coderay (1.1.0)
    method_source (0.8.2)
    pg (0.18.2)
    pry (0.10.1)
      coderay (~> 1.1.0)
      method_source (~> 0.8.1)
      slop (~> 3.4)
    rack (1.6.4)
    rack-unreloader (1.3.0)
    roda (2.5.1)
      rack
    sequel (4.25.0)
    sequel_pg (1.6.13)
      pg (>= 0.8.0)
      sequel (>= 3.39.0)
    slop (3.6.0)

PLATFORMS
  ruby

DEPENDENCIES
  pg
  pry
  rack-unreloader
  roda
  sequel
  sequel_pg

BUNDLED WITH
   1.10.6
